GEM
  remote: https://rubygems.org/
  specs:
    awesome_print (1.2.0)
    faraday (0.9.0)
      multipart-post (>= 1.2, < 3)
    faraday_middleware (0.9.1)
      faraday (>= 0.7.4, < 0.10)
    multi_json (1.10.1)
    multipart-post (2.0.0)
    rlet (0.5.1)
    slack-api (0.0.4)
      faraday (>= 0.7, <= 0.9)
      faraday_middleware (~> 0.8)
      multi_json (~> 1.0, >= 1.0.3)
    thor (0.19.1)

PLATFORMS
  ruby

DEPENDENCIES
  awesome_print
  rlet
  slack-api
  thor
